GEM
  remote: http://rubygems.org/
  specs:
    actionmailer (3.2.22.5)
      actionpack (= 3.2.22.5)
      mail (~> 2.5.4)
    actionpack (3.2.22.5)
      activemodel (= 3.2.22.5)
      activesupport (= 3.2.22.5)
      builder (~> 3.0.0)
      erubis (~> 2.7.0)
      journey (~> 1.0.4)
      rack (~> 1.4.5)
      rack-cache (~> 1.2)
      rack-test (~> 0.6.1)
      sprockets (~> 2.2.1)
    activemerchant (1.78.0)
      activesupport (>= 3.2.14, < 6.x)
      builder (>= 2.1.2, < 4.0.0)
      i18n (>= 0.6.9)
      nokogiri (~> 1.4)
    activemodel (3.2.22.5)
      activesupport (= 3.2.22.5)
      builder (~> 3.0.0)
    activerecord (3.2.22.5)
      activemodel (= 3.2.22.5)
      activesupport (= 3.2.22.5)
      arel (~> 3.0.2)
      tzinfo (~> 0.3.29)
    activeresource (3.2.22.5)
      activemodel (= 3.2.22.5)
      activesupport (= 3.2.22.5)
    activesupport (3.2.22.5)
      i18n (~> 0.6, >= 0.6.4)
      multi_json (~> 1.0)
    airbrussh (1.3.2)
      sshkit (>= 1.6.1, != 1.7.0)
    arel (3.0.3)
    ast (2.4.0)
    authlogic (3.8.0)
      activerecord (>= 3.2, < 5.3)
      activesupport (>= 3.2, < 5.3)
      request_store (~> 1.0)
      scrypt (>= 1.2, < 4.0)
    bartt-ssl_requirement (1.4.2)
    beanstalk-client (1.1.1)
    builder (3.0.4)
    capistrano (3.11.0)
      airbrussh (>= 1.0.0)
      i18n
      rake (>= 10.0.0)
      sshkit (>= 1.9.0)
    carrierwave (0.5.8)
      activesupport (~> 3.0)
    chronic (0.10.2)
    concurrent-ruby (1.1.5)
    cssmin (1.0.3)
    daemon-spawn (0.4.2)
    erubis (2.7.0)
    factory_girl (1.3.3)
    factory_girl_rails (1.0.1)
      factory_girl (~> 1.3)
      railties (>= 3.0.0)
    faraday (0.15.4)
      multipart-post (>= 1.2, < 3)
    ffi (1.11.1)
    ffi (1.11.1-x86-mingw32)
    ffi-compiler (1.0.1)
      ffi (>= 1.0.0)
      rake
    gibbon (3.2.0)
      faraday (>= 0.9.1)
      multi_json (>= 1.11.0)
    haml (3.1.4)
    hike (1.2.3)
    hoptoad_notifier (2.4.11)
      activesupport
      builder
    i18n (0.9.5)
      concurrent-ruby (~> 1.0)
    jammit (0.7.0)
      cssmin (~> 1.0)
      jsmin (~> 1.0)
    jaro_winkler (1.5.3)
    journey (1.0.4)
    jquery-rails (3.1.5)
      railties (>= 3.0, < 5.0)
      thor (>= 0.14, < 2.0)
    jsmin (1.0.1)
    json (1.8.6)
    json_pure (2.2.0)
    mail (2.5.5)
      mime-types (~> 1.16)
      treetop (~> 1.4.8)
    mime-types (1.25.1)
    mini_magick (4.8.0)
    mini_portile2 (2.4.0)
    money (3.7.1)
      i18n (~> 0.4)
    multi_json (1.13.1)
    multipart-post (2.1.1)
    net-scp (2.0.0)
      net-ssh (>= 2.6.5, < 6.0.0)
    net-ssh (4.2.0)
    newrelic_rpm (6.5.0.357)
    nokogiri (1.9.1)
      mini_portile2 (~> 2.4.0)
    nokogiri (1.9.1-x86-mingw32)
      mini_portile2 (~> 2.4.0)
    parallel (1.17.0)
    parser (2.6.3.0)
      ast (~> 2.4.0)
    polyglot (0.3.5)
    power_assert (1.1.4)
    rack (1.4.7)
    rack-cache (1.9.0)
      rack (>= 0.4)
    rack-ssl (1.3.4)
      rack
    rack-test (0.6.3)
      rack (>= 1.0)
    rails (3.2.22.5)
      actionmailer (= 3.2.22.5)
      actionpack (= 3.2.22.5)
      activerecord (= 3.2.22.5)
      activeresource (= 3.2.22.5)
      activesupport (= 3.2.22.5)
      bundler (~> 1.0)
      railties (= 3.2.22.5)
    railties (3.2.22.5)
      actionpack (= 3.2.22.5)
      activesupport (= 3.2.22.5)
      rack-ssl (~> 1.3.2)
      rake (>= 0.8.7)
      rdoc (~> 3.4)
      thor (>= 0.14.6, < 2.0)
    rainbow (3.0.0)
    rake (12.3.2)
    rdoc (3.12.2)
      json (~> 1.4)
    recaptcha (4.9.0)
      json
    redis (4.1.1)
    redis-actionpack (3.2.4)
      actionpack (~> 3.2.0)
      redis-rack (~> 1.4.4)
      redis-store (~> 1.1.4)
    redis-activesupport (3.2.5)
      activesupport (~> 3.2.0)
      redis-store (~> 1.1.0)
    redis-rack (1.4.4)
      rack (~> 1.4.0)
      redis-store (~> 1.1.4)
    redis-rails (3.2.4)
      redis-actionpack (~> 3.2.4)
      redis-activesupport (~> 3.2.4)
      redis-store (~> 1.1.4)
    redis-store (1.1.7)
      redis (>= 2.2)
    request_store (1.4.1)
      rack (>= 1.4)
    rubocop (0.68.1)
      jaro_winkler (~> 1.5.1)
      parallel (~> 1.10)
      parser (>= 2.5, != 2.5.1.1)
      rainbow (>= 2.2.2, < 4.0)
      ruby-progressbar (~> 1.7)
      unicode-display_width (>= 1.4.0, < 1.6)
    rubocop-rspec (1.32.0)
      rubocop (>= 0.60.0)
    ruby-progressbar (1.10.1)
    scrypt (3.0.6)
      ffi-compiler (>= 1.0, < 2.0)
    spectator-validates_email (0.2.0)
      activemodel (>= 3.0.0)
    sprockets (2.2.3)
      hike (~> 1.2)
      multi_json (~> 1.0)
      rack (~> 1.0)
      tilt (~> 1.1, != 1.3.0)
    sqlite3 (1.3.13)
    sqlite3 (1.3.13-x86-mingw32)
    sshkit (1.19.1)
      net-scp (>= 1.1.2)
      net-ssh (>= 2.8.0)
    stalker (0.9.0)
      beanstalk-client
      json_pure
    state_machine (1.2.0)
    tabs_on_rails (3.0.0)
    test-unit (3.3.3)
      power_assert
    thor (0.20.3)
    tilt (1.4.1)
    timecop (0.9.1)
    treetop (1.4.15)
      polyglot
      polyglot (>= 0.3.1)
    tzinfo (0.3.55)
    unicode-display_width (1.5.0)
    whenever (1.0.0)
      chronic (>= 0.6.3)
    will_paginate (3.1.7)

PLATFORMS
  ruby
  x86-mingw32

DEPENDENCIES
  activemerchant
  authlogic
  bartt-ssl_requirement
  capistrano
  carrierwave (~> 0.5.6)
  daemon-spawn
  factory_girl_rails (~> 1.0.1)
  gibbon
  haml (= 3.1.4)
  hoptoad_notifier
  jammit
  jquery-rails
  mini_magick (= 4.8.0)
  money (~> 3.7.1)
  newrelic_rpm (>= 3.1.0)
  rails (~> 3.0, >= 3.0.20)
  recaptcha
  redis
  redis-rails
  rubocop-rspec
  spectator-validates_email
  sqlite3 (~> 1.3.6)
  stalker
  state_machine (>= 0.9.4)
  tabs_on_rails (>= 1.3.1)
  test-unit (~> 3.0)
  timecop
  whenever
  will_paginate (>= 3.0.pre2)

BUNDLED WITH
   1.17.3
